GEM
  specs:
    awesome_print (1.8.0)
    mustermann (1.0.3)
    rack (2.0.4)
    rack-protection (2.0.3)
      rack
    sinatra (2.0.3)
      mustermann (~> 1.0)
      rack (~> 2.0)
      rack-protection (= 2.0.3)
      tilt (~> 2.0)
    tilt (2.0.8)

PLATFORMS
  ruby

DEPENDENCIES
  awesome_print
  sinatra

BUNDLED WITH
   1.16.0
