GEM
  remote: https://rubygems.org/
  specs:
    awesome_print (1.8.0)
    builder (3.2.3)
    json (2.2.0)
    mini_portile2 (2.4.0)
    nokogiri (1.10.2)
      mini_portile2 (~> 2.4.0)
    optimist (3.0.0)
    rbvmomi (2.1.0)
      builder (~> 3.0)
      json (>= 1.8)
      nokogiri (~> 1.5)
      optimist (~> 3.0)

PLATFORMS
  ruby

DEPENDENCIES
  awesome_print
  rbvmomi

BUNDLED WITH
   1.16.0
