GEM
  remote: https://rubygems.org/
  specs:
    awesome_print (1.8.0)
    trollop (2.1.2)

PLATFORMS
  ruby

DEPENDENCIES
  awesome_print
  trollop

BUNDLED WITH
   1.16.0
