GEM
  remote: https://rubygems.org/
  specs:
    awesome_print (1.8.0)
    optimist (3.0.0)

PLATFORMS
  ruby

DEPENDENCIES
  awesome_print
  optimist

BUNDLED WITH
   1.16.0
