GIT
  remote: git@github.com:vgcrld/rld.git
  revision: c69b41dbd21c66c4c957c62a28b2de2a235bc7f2
  branch: master
  specs:
    rld (0.1.0)

GEM
  remote: https://rubygems.org/
  specs:
    activesupport (5.2.1)
      concurrent-ruby (~> 1.0, >= 1.0.2)
      i18n (>= 0.7, < 2)
      minitest (~> 5.1)
      tzinfo (~> 1.1)
    awesome_print (1.8.0)
    commander (4.4.4)
      highline (~> 1.7.2)
    concurrent-ruby (1.0.5)
    configs (1.4.0)
      activesupport (> 3.0)
    highline (1.7.10)
    i18n (1.1.0)
      concurrent-ruby (~> 1.0)
    minitest (5.11.3)
    thread_safe (0.3.6)
    trollop (2.1.2)
    tzinfo (1.2.5)
      thread_safe (~> 0.1)

PLATFORMS
  ruby

DEPENDENCIES
  awesome_print
  commander
  configs
  rld!
  trollop

BUNDLED WITH
   1.16.0
