GEM
  remote: https://rubygems.org/
  specs:
    awesome_print (1.8.0)
    ruby-oci8 (2.2.6.1)
    trollop (2.1.2)

PLATFORMS
  ruby

DEPENDENCIES
  awesome_print
  ruby-oci8
  trollop

BUNDLED WITH
   1.16.0
