GEM
  remote: https://rubygems.org/
  specs:
    awesome_print (1.8.0)
    mustermann (1.0.3)
    optimist (3.0.0)
    rack (2.2.2)
    rack-protection (2.0.7)
      rack
    sinatra (2.0.7)
      mustermann (~> 1.0)
      rack (~> 2.0)
      rack-protection (= 2.0.7)
      tilt (~> 2.0)
    tilt (2.0.9)

PLATFORMS
  ruby

DEPENDENCIES
  awesome_print
  optimist
  sinatra

BUNDLED WITH
   1.16.0
