GIT
  remote: git@codebox.galileosuite.com:rich.davis/agem.git
  revision: 644aee3ffe96a9a1589755c89cc6d5701c73e489
  branch: master
  specs:
    agem (0.1.0)

GEM
  remote: https://rubygems.org/
  specs:
    activesupport (5.2.2)
      concurrent-ruby (~> 1.0, >= 1.0.2)
      i18n (>= 0.7, < 2)
      minitest (~> 5.1)
      tzinfo (~> 1.1)
    awesome_print (1.8.0)
    commander (4.4.7)
      highline (~> 2.0.0)
    concurrent-ruby (1.1.4)
    configs (1.4.0)
      activesupport (> 3.0)
    highline (2.0.0)
    i18n (1.5.1)
      concurrent-ruby (~> 1.0)
    minitest (5.11.3)
    optimist (3.0.0)
    thread_safe (0.3.6)
    tzinfo (1.2.5)
      thread_safe (~> 0.1)

PLATFORMS
  ruby

DEPENDENCIES
  agem!
  awesome_print
  commander
  configs
  optimist

BUNDLED WITH
   2.0.1
