GIT
  remote: git@github.com:vgcrld/protect_connect.git
  revision: 79f2ed8f1bc445f7331904c4fda94095271798d7
  specs:
    protect_connect (0.1.2.pre.m.1)
      haml
      optimist (~> 3.0)
      sinatra

GEM
  specs:
    awesome_print (1.8.0)
    haml (5.1.1)
      temple (>= 0.8.0)
      tilt
    mustermann (1.0.3)
    optimist (3.0.0)
    rack (2.0.7)
    rack-protection (2.0.5)
      rack
    sinatra (2.0.5)
      mustermann (~> 1.0)
      rack (~> 2.0)
      rack-protection (= 2.0.5)
      tilt (~> 2.0)
    temple (0.8.1)
    tilt (2.0.9)

PLATFORMS
  ruby

DEPENDENCIES
  awesome_print
  protect_connect!

BUNDLED WITH
   2.0.2
