GEM
  specs:
    optimist (3.0.0)

PLATFORMS
  ruby

DEPENDENCIES
  optimist

BUNDLED WITH
   1.16.0
